GIT
  remote: https://github.com/mitchellh/vagrant.git
  revision: 4f0eb9504cc786d5a57a43814427e8eb35407a4c
  ref: v1.4.3
  specs:
    vagrant (1.4.3)
      childprocess (~> 0.3.7)
      erubis (~> 2.7.0)
      i18n (~> 0.6.0)
      log4r (~> 1.1.9)
      net-scp (~> 1.1.0)
      net-ssh (>= 2.6.6, < 2.8.0)

PATH
  remote: .
  specs:
    vagrant-proxmox (0.0.9)
      activesupport (~> 4.0.0)
      rest-client (~> 1.6.7)
      retryable (~> 1.3.3)

GEM
  remote: https://rubygems.org/
  specs:
    activesupport (4.0.13)
      i18n (~> 0.6, >= 0.6.9)
      minitest (~> 4.2)
      multi_json (~> 1.3)
      thread_safe (~> 0.1)
      tzinfo (~> 0.3.37)
    addressable (2.4.0)
    awesome_print (1.2.0)
    builder (3.2.2)
    childprocess (0.3.9)
      ffi (~> 1.0, >= 1.0.11)
    coderay (1.1.1)
    crack (0.4.3)
      safe_yaml (~> 1.0.0)
    cucumber (1.3.20)
      builder (>= 2.1.2)
      diff-lcs (>= 1.1.3)
      gherkin (~> 2.12)
      multi_json (>= 1.7.5, < 2.0)
      multi_test (>= 0.1.2)
    diff-lcs (1.2.5)
    docile (1.1.5)
    erubis (2.7.0)
    ffi (1.9.10)
    formatador (0.2.5)
    geminabox (0.11.1)
      builder
      httpclient (>= 2.2.7)
      nesty
      sinatra (>= 1.2.7)
    gherkin (2.12.2)
      multi_json (~> 1.3)
    guard (2.13.0)
      formatador (>= 0.2.4)
      listen (>= 2.7, <= 4.0)
      lumberjack (~> 1.0)
      nenv (~> 0.1)
      notiffany (~> 0.0)
      pry (>= 0.9.12)
      shellany (~> 0.0)
      thor (>= 0.18.1)
    guard-rspec (4.2.10)
      guard (~> 2.1)
      rspec (>= 2.14, < 4.0)
    httpclient (2.7.1)
    i18n (0.6.11)
    libnotify (0.8.4)
      ffi (>= 1.0.11)
    listen (3.0.6)
      rb-fsevent (>= 0.9.3)
      rb-inotify (>= 0.9.7)
    log4r (1.1.10)
    lumberjack (1.0.10)
    method_source (0.8.2)
    mime-types (1.25.1)
    minitest (4.7.5)
    multi_json (1.11.2)
    multi_test (0.1.2)
    nenv (0.3.0)
    nesty (1.0.2)
    net-scp (1.1.2)
      net-ssh (>= 2.6.5)
    net-ssh (2.7.0)
    notiffany (0.0.8)
      nenv (~> 0.1)
      shellany (~> 0.0)
    pry (0.10.3)
      coderay (~> 1.1.0)
      method_source (~> 0.8.1)
      slop (~> 3.4)
    rack (1.6.4)
    rack-protection (1.5.3)
      rack
    rake (12.3.3)
    rb-fsevent (0.9.7)
    rb-inotify (0.9.7)
      ffi (>= 0.5.0)
    rest-client (1.6.9)
      mime-types (~> 1.16)
    retryable (1.3.6)
    rspec (3.0.0)
      rspec-core (~> 3.0.0)
      rspec-expectations (~> 3.0.0)
      rspec-mocks (~> 3.0.0)
    rspec-core (3.0.4)
      rspec-support (~> 3.0.0)
    rspec-expectations (3.0.4)
      diff-lcs (>= 1.2.0, < 2.0)
      rspec-support (~> 3.0.0)
    rspec-mocks (3.0.4)
      rspec-support (~> 3.0.0)
    rspec-support (3.0.4)
    safe_yaml (1.0.4)
    shellany (0.0.1)
    simplecov (0.9.2)
      docile (~> 1.1.0)
      multi_json (~> 1.0)
      simplecov-html (~> 0.9.0)
    simplecov-html (0.9.0)
    simplecov-rcov (0.2.3)
      simplecov (>= 0.4.1)
    sinatra (1.4.7)
      rack (~> 1.5)
      rack-protection (~> 1.4)
      tilt (>= 1.3, < 3)
    slop (3.6.0)
    thor (0.19.1)
    thread_safe (0.3.5)
    tilt (2.0.2)
    timecop (0.7.4)
    tzinfo (0.3.47)
    webmock (1.18.0)
      addressable (>= 2.3.6)
      crack (>= 0.3.2)

PLATFORMS
  ruby

DEPENDENCIES
  awesome_print (~> 1.2.0)
  cucumber (~> 1.3.15)
  geminabox (~> 0.11.1)
  guard-rspec (= 4.2.10)
  libnotify (~> 0.8.3)
  rake (= 12.3.3)
  rspec (~> 3.0.0)
  simplecov (~> 0.9.0)
  simplecov-rcov (~> 0.2.3)
  timecop (~> 0.7.1)
  vagrant (= 1.4.3)!
  vagrant-proxmox!
  webmock (~> 1.18.0)

BUNDLED WITH
   1.11.2
